GEM
  remote: https://rubygems.org/
  specs:
    animate-sass (0.1.1)
      compass (>= 0.11.5)
    breakpoint (2.5.0)
      sass (~> 3.3)
      sassy-maps (< 1.0.0)
    chunky_png (1.3.4)
    compass (1.0.3)
      chunky_png (~> 1.2)
      compass-core (~> 1.0.2)
      compass-import-once (~> 1.0.5)
      rb-fsevent (>= 0.9.3)
      rb-inotify (>= 0.9)
      sass (< 3.5, >= 3.3.13)
    compass-core (1.0.3)
      multi_json (~> 1.0)
      sass (< 3.5, >= 3.3.0)
    compass-import-once (1.0.5)
      sass (< 3.5, >= 3.2)
    ffi (1.9.8)
    font-awesome-sass (4.3.2.1)
      sass (~> 3.2)
    multi_json (1.11.0)
    normalize-scss (3.0.2)
      compass-core (>= 1.0.0, ~> 1.0)
      sass (>= 3.3.0, ~> 3.3)
    rb-fsevent (0.9.4)
    rb-inotify (0.9.5)
      ffi (>= 0.5.0)
    sass (3.4.9)
    sassy-maps (0.4.0)
      sass (~> 3.3)
    susy (2.1.3)
      sass (< 3.5, >= 3.3.0)

PLATFORMS
  ruby

DEPENDENCIES
  animate-sass
  breakpoint
  compass (~> 1.0.1)
  compass-core (~> 1.0.1)
  font-awesome-sass
  normalize-scss
  sass (= 3.4.9)
  susy (~> 2.1.3)
